GEM
  remote: http://rubygems.org/
  specs:
    addressable (2.2.8)
    heroku (2.20.1)
      launchy (>= 0.3.2)
      rest-client (~> 1.6.1)
      rubyzip
      term-ansicolor (~> 1.0.5)
    launchy (2.1.0)
      addressable (~> 2.2.6)
    mime-types (1.18)
    multipart-post (1.1.5)
    rest-client (1.6.7)
      mime-types (>= 1.16)
    rubyzip (0.9.8)
    term-ansicolor (1.0.7)
    thor (0.14.6)
    vulcan (0.6.1)
      heroku (~> 2.20.0)
      multipart-post (~> 1.1.3)
      rest-client (~> 1.6.7)
      thor (~> 0.14.6)

PLATFORMS
  ruby

DEPENDENCIES
  vulcan
